GIT
  remote: https://github.com/PlasticLizard/em-synchrony.git
  revision: 2e1ed1e43ef1da3a68be9905d3be91e57fae7337
  specs:
    em-synchrony (1.0.0)
      eventmachine (>= 1.0.0.beta.1)

GIT
  remote: https://github.com/jmettraux/ruote.git
  revision: b66b34f1315c4bc99acec8d5db07e62160a4b896
  specs:
    ruote (2.2.1)
      parslet (= 1.2.3)
      rufus-cloche (>= 1.0.1)
      rufus-dollar (>= 1.0.4)
      rufus-json (>= 1.0.1)
      rufus-mnemo (>= 1.2.2)
      rufus-scheduler (>= 2.0.13)
      rufus-treechecker (>= 1.0.8)
      sourcify (= 0.5.0)

PATH
  remote: .
  specs:
    ruote-mongodb (0.2.0)
      ruote (>= 2.2.1)
      yajl-ruby

GEM
  remote: http://rubygems.org/
  specs:
    blankslate (2.1.2.4)
    bson (1.4.0)
    bson_ext (1.4.0)
    diff-lcs (1.1.3)
    em-mongo (0.4.1)
      bson (>= 1.1.3)
      bson_ext (>= 1.1.3)
      eventmachine (>= 0.12.10)
    eventmachine (1.0.0.beta.4)
    file-tail (1.0.7)
      tins (~> 0.3)
    mongo (1.4.0)
      bson (= 1.4.0)
    parslet (1.2.3)
      blankslate (~> 2.0)
    rspec (2.7.0)
      rspec-core (~> 2.7.0)
      rspec-expectations (~> 2.7.0)
      rspec-mocks (~> 2.7.0)
    rspec-core (2.7.1)
    rspec-expectations (2.7.0)
      diff-lcs (~> 1.1.2)
    rspec-mocks (2.7.0)
    ruby2ruby (1.3.1)
      ruby_parser (~> 2.0)
      sexp_processor (~> 3.0)
    ruby_parser (2.3.1)
      sexp_processor (~> 3.0)
    rufus-cloche (1.0.1)
      rufus-json (>= 0.2.7)
    rufus-dollar (1.0.4)
    rufus-json (1.0.1)
    rufus-mnemo (1.2.2)
    rufus-scheduler (2.0.13)
      tzinfo (>= 0.3.23)
    rufus-treechecker (1.0.8)
      ruby_parser (>= 2.0.5)
    sexp_processor (3.0.8)
    sourcify (0.5.0)
      file-tail (>= 1.0.5)
      ruby2ruby (>= 1.2.5)
      ruby_parser (>= 2.0.5)
      sexp_processor (>= 3.0.5)
    test-unit (2.4.1)
    tins (0.3.2)
    tzinfo (0.3.31)
    yajl-ruby (1.1.0)

PLATFORMS
  ruby

DEPENDENCIES
  bson (>= 1.2.0)
  bson_ext (>= 1.2.0)
  em-mongo
  em-synchrony!
  eventmachine (>= 1.0.0.beta.3)
  mongo (>= 1.2.0)
  rspec
  ruote (= 2.2.1)!
  ruote-mongodb!
  test-unit
