PATH
  remote: .
  specs:
    ruote-mongodb (0.1.0)
      bson (~> 1.4.0)
      bson_ext (~> 1.4.0)
      mongo (~> 1.4.0)
      ruote

GEM
  remote: http://rubygems.org/
  specs:
    bson (1.4.0)
    bson_ext (1.4.0)
    diff-lcs (1.1.3)
    file-tail (1.0.7)
      tins (~> 0.3)
    mongo (1.4.0)
      bson (= 1.4.0)
    rspec (2.7.0)
      rspec-core (~> 2.7.0)
      rspec-expectations (~> 2.7.0)
      rspec-mocks (~> 2.7.0)
    rspec-core (2.7.1)
    rspec-expectations (2.7.0)
      diff-lcs (~> 1.1.2)
    rspec-mocks (2.7.0)
    ruby2ruby (1.3.1)
      ruby_parser (~> 2.0)
      sexp_processor (~> 3.0)
    ruby_parser (2.3.1)
      sexp_processor (~> 3.0)
    rufus-cloche (1.0.1)
      rufus-json (>= 0.2.7)
    rufus-dollar (1.0.4)
    rufus-json (1.0.1)
    rufus-mnemo (1.2.2)
    rufus-scheduler (2.0.13)
      tzinfo (>= 0.3.23)
    rufus-treechecker (1.0.8)
      ruby_parser (>= 2.0.5)
    ruote (2.2.0)
      rufus-cloche (>= 0.1.20)
      rufus-dollar (>= 1.0.4)
      rufus-json (>= 0.2.5)
      rufus-mnemo (>= 1.1.0)
      rufus-scheduler (>= 2.0.8)
      rufus-treechecker (>= 1.0.4)
      sourcify (= 0.4.2)
    sexp_processor (3.0.7)
    sourcify (0.4.2)
      file-tail (>= 1.0.5)
      ruby2ruby (>= 1.2.5)
      sexp_processor (>= 3.0.5)
    test-unit (2.4.1)
    tins (0.3.2)
    tzinfo (0.3.31)
    yajl-ruby (1.1.0)

PLATFORMS
  ruby

DEPENDENCIES
  rspec
  ruote-mongodb!
  test-unit
  yajl-ruby
